GEM
  remote: https://rubygems.org/
  specs:
    addressable (2.3.3)
    crack (0.3.2)
    daemons (1.1.9)
    diff-lcs (1.1.3)
    excon (0.16.10)
    heroku-api (0.3.7)
      excon (~> 0.16.10)
    rspec (2.12.0)
      rspec-core (~> 2.12.0)
      rspec-expectations (~> 2.12.0)
      rspec-mocks (~> 2.12.0)
    rspec-core (2.12.2)
    rspec-expectations (2.12.1)
      diff-lcs (~> 1.1.3)
    rspec-mocks (2.12.2)
    rspec-spies (2.1.3)
      rspec (~> 2.0)
    webmock (1.9.2)
      addressable (>= 2.2.7)
      crack (>= 0.3.2)

PLATFORMS
  ruby

DEPENDENCIES
  daemons (~> 1.1.9)
  heroku-api (~> 0.3.7)
  rspec (~> 2.12.0)
  rspec-spies (~> 2.1.3)
  webmock (~> 1.9.2)
