GEM
  remote: https://rubygems.org/
  specs:
    addressable (2.3.2)
    daemons (1.1.9)
    diff-lcs (1.1.3)
    excon (0.16.10)
    heroku (2.35.0)
      heroku-api (~> 0.3.7)
      launchy (>= 0.3.2)
      netrc (~> 0.7.7)
      rest-client (~> 1.6.1)
      rubyzip
    heroku-api (0.3.7)
      excon (~> 0.16.10)
    launchy (2.2.0)
      addressable (~> 2.3)
    mime-types (1.21)
    netrc (0.7.7)
    rest-client (1.6.7)
      mime-types (>= 1.16)
    rspec (2.12.0)
      rspec-core (~> 2.12.0)
      rspec-expectations (~> 2.12.0)
      rspec-mocks (~> 2.12.0)
    rspec-core (2.12.2)
    rspec-expectations (2.12.1)
      diff-lcs (~> 1.1.3)
    rspec-mocks (2.12.2)
    rspec-spies (2.1.3)
      rspec (~> 2.0)
    rubyzip (0.9.9)

PLATFORMS
  ruby

DEPENDENCIES
  daemons (~> 1.1.9)
  heroku (~> 2.35.0)
  rspec (~> 2.12.0)
  rspec-spies (~> 2.1.3)
